{
  "AcquisitionMatrixPE": 100,
  "AcquisitionNumber": 1,
  "AcquisitionTime": "10:37:46.005000",
  "BaseResolution": 100,
  "BodyPartExamined": "BRAIN",
  "ConsistencyInfo": "N4_VE11C_LATEST_20160120",
  "ConversionSoftware": "dcm2niix",
  "ConversionSoftwareVersion": "v1.0.20200331",
  "DeviceSerialNumber": "166078",
  "DwellTime": 1.11e-05,
  "EchoNumber": 2,
  "EchoTime1": 0.0052,
  "EchoTime2": 0.00766,
  "FlipAngle": 60,
  "ImageOrientationPatientDICOM": [
    0.998806,
    -0.0208763,
    -0.0441642,
    -6.22471e-10,
    0.904083,
    -0.427358
  ],
  "ImageType": [
    "ORIGINAL",
    "PRIMARY",
    "P",
    "ND",
    "PHASE"
  ],
  "ImagingFrequency": 123.258,
  "InPlanePhaseEncodingDirectionDICOM": "ROW",
  "InstitutionAddress": "Street_StreetNo_Bei_Jing_District_CN_ZIP",
  "InstitutionName": "BeiJing_Normal_University",
  "InstitutionalDepartmentName": "Department",
  "IntendedFor": [
    "ses-day2AM/func/sub-2018_ses-day2AM_task-memoryTest_run-1_bold.nii.gz",
    "ses-day2AM/func/sub-2018_ses-day2AM_task-memoryTest_run-2_bold.nii.gz",
    "ses-day2AM/func/sub-2018_ses-day2AM_task-memoryTest_run-3_bold.nii.gz",
    "ses-day2AM/func/sub-2018_ses-day2AM_task-memoryTest_run-4_bold.nii.gz"
  ],
  "MRAcquisitionType": "2D",
  "MagneticFieldStrength": 3,
  "Manufacturer": "Siemens",
  "ManufacturersModelName": "Prisma",
  "Modality": "MR",
  "PartialFourier": 1,
  "PatientPosition": "HFS",
  "PercentPhaseFOV": 100,
  "PercentSampling": 100,
  "PhaseEncodingDirection": "i",
  "PhaseEncodingSteps": 100,
  "PhaseResolution": 1,
  "PixelBandwidth": 450,
  "ProcedureStepDescription": "BNU_P2018_64CH_Zhu.Bi",
  "ProtocolName": "field_mapping_2x2x2",
  "PulseSequenceDetails": "%SiemensSeq%_gre_field_mapping",
  "ReceiveCoilActiveElements": "HC1-7;NC1",
  "ReceiveCoilName": "HeadNeck_64",
  "ReconMatrixPE": 100,
  "RepetitionTime": 0.75,
  "SAR": 0.0986562,
  "ScanningSequence": "GR",
  "SequenceName": "_fm2d2r",
  "SequenceVariant": "SP",
  "SeriesDescription": "field_mapping_2x2x2",
  "SeriesNumber": 4,
  "ShimSetting": [
    -5489,
    -11459,
    -1268,
    466,
    -16,
    -330,
    -146,
    48
  ],
  "SliceThickness": 2,
  "SliceTiming": [
    0.375,
    0,
    0.38281,
    0.00781,
    0.39062,
    0.01562,
    0.39844,
    0.02344,
    0.41406,
    0.03906,
    0.42188,
    0.04688,
    0.4375,
    0.0625,
    0.44531,
    0.07031,
    0.45312,
    0.07812,
    0.46094,
    0.08594,
    0.47656,
    0.10156,
    0.48438,
    0.10938,
    0.5,
    0.125,
    0.50781,
    0.13281,
    0.51562,
    0.14062,
    0.52344,
    0.14844,
    0.53906,
    0.16406,
    0.54688,
    0.17188,
    0.5625,
    0.1875,
    0.57031,
    0.19531,
    0.57812,
    0.20312,
    0.58594,
    0.21094,
    0.60156,
    0.22656,
    0.60938,
    0.23438,
    0.625,
    0.25,
    0.63281,
    0.25781,
    0.64062,
    0.26562,
    0.64844,
    0.27344,
    0.66406,
    0.28906,
    0.67188,
    0.29688,
    0.6875,
    0.3125,
    0.69531,
    0.32031,
    0.70312,
    0.32812,
    0.71094,
    0.33594,
    0.72656,
    0.35156,
    0.73438,
    0.35938
  ],
  "SoftwareVersions": "syngo_MR_E11",
  "SpacingBetweenSlices": 2,
  "StationName": "AWP166078",
  "TxRefAmp": 216.495
}