{
  "AcquisitionMatrixPE": 100,
  "AcquisitionNumber": 1,
  "AcquisitionTime": "16:12:33.277500",
  "BaseResolution": 100,
  "BodyPartExamined": "BRAIN",
  "ConsistencyInfo": "N4_VE11C_LATEST_20160120",
  "ConversionSoftware": "dcm2niix",
  "ConversionSoftwareVersion": "v1.0.20200331",
  "DeviceSerialNumber": "166078",
  "DwellTime": 1.11e-05,
  "EchoNumber": 1,
  "EchoTime": 0.0052,
  "FlipAngle": 60,
  "ImageOrientationPatientDICOM": [
    1,
    4.386e-12,
    -2.177e-12,
    -4.897e-12,
    0.895712,
    -0.444635
  ],
  "ImageType": [
    "ORIGINAL",
    "PRIMARY",
    "M",
    "ND"
  ],
  "ImagingFrequency": 123.258,
  "InPlanePhaseEncodingDirectionDICOM": "ROW",
  "InstitutionAddress": "Street_StreetNo_Bei_Jing_District_CN_ZIP",
  "InstitutionName": "BeiJing_Normal_University",
  "InstitutionalDepartmentName": "Department",
  "IntendedFor": [
    "ses-day1PM/func/sub-2035_ses-day1PM_task-postEvent_run-1_bold.nii.gz",
    "ses-day1PM/func/sub-2035_ses-day1PM_task-postEvent_run-2_bold.nii.gz",
    "ses-day1PM/func/sub-2035_ses-day1PM_task-postEvent_run-3_bold.nii.gz"
  ],
  "MRAcquisitionType": "2D",
  "MagneticFieldStrength": 3,
  "Manufacturer": "Siemens",
  "ManufacturersModelName": "Prisma",
  "Modality": "MR",
  "MultibandAccelerationFactor": 2,
  "PartialFourier": 1,
  "PatientPosition": "HFS",
  "PercentPhaseFOV": 100,
  "PercentSampling": 100,
  "PhaseEncodingDirection": "i",
  "PhaseEncodingSteps": 100,
  "PhaseResolution": 1,
  "PixelBandwidth": 450,
  "ProcedureStepDescription": "BNU_P2018_64CH_Zhu.Bi",
  "ProtocolName": "field_mapping_2x2x2",
  "PulseSequenceDetails": "%SiemensSeq%_gre_field_mapping",
  "ReceiveCoilActiveElements": "HC1-7;NC1",
  "ReceiveCoilName": "HeadNeck_64",
  "ReconMatrixPE": 100,
  "RepetitionTime": 0.75,
  "SAR": 0.110167,
  "ScanningSequence": "GR",
  "SequenceName": "_fm2d2r",
  "SequenceVariant": "SP",
  "SeriesDescription": "field_mapping_2x2x2",
  "SeriesNumber": 3,
  "ShimSetting": [
    -5454,
    -11427,
    -1280,
    475,
    -23,
    -411,
    -182,
    46
  ],
  "SliceThickness": 2,
  "SliceTiming": [
    0.375,
    0,
    0.375,
    0,
    0.39062,
    0.01562,
    0.40625,
    0.03125,
    0.40625,
    0.03125,
    0.42188,
    0.04688,
    0.4375,
    0.0625,
    0.4375,
    0.0625,
    0.45312,
    0.07812,
    0.46875,
    0.09375,
    0.46875,
    0.09375,
    0.48438,
    0.10938,
    0.5,
    0.125,
    0.5,
    0.125,
    0.51562,
    0.14062,
    0.53125,
    0.15625,
    0.53125,
    0.15625,
    0.54688,
    0.17188,
    0.5625,
    0.1875,
    0.5625,
    0.1875,
    0.57812,
    0.20312,
    0.59375,
    0.21875,
    0.59375,
    0.21875,
    0.60938,
    0.23438,
    0.625,
    0.25,
    0.625,
    0.25,
    0.64062,
    0.26562,
    0.65625,
    0.28125,
    0.65625,
    0.28125,
    0.67188,
    0.29688,
    0.6875,
    0.3125,
    0.6875,
    0.3125,
    0.70312,
    0.32812,
    0.71875,
    0.34375,
    0.71875,
    0.34375,
    0.73438,
    0.35938
  ],
  "SoftwareVersions": "syngo_MR_E11",
  "SpacingBetweenSlices": 2,
  "StationName": "AWP166078",
  "TxRefAmp": 221.464
}
