{
  "AcquisitionMatrixPE": 100,
  "AcquisitionNumber": 1,
  "AcquisitionTime": "15:43:44.255000",
  "BandwidthPerPixelPhaseEncode": 18.519,
  "BaseResolution": 100,
  "BodyPartExamined": "BRAIN",
  "ConsistencyInfo": "N4_VE11C_LATEST_20160120",
  "ConversionSoftware": "dcm2niix",
  "ConversionSoftwareVersion": "v1.0.20200331",
  "DerivedVendorReportedEchoSpacing": 0.000539986,
  "DeviceSerialNumber": "166078",
  "DwellTime": 2.1e-06,
  "EchoTime": 0.034,
  "EchoTrainLength": 100,
  "EffectiveEchoSpacing": 0.000539986,
  "FlipAngle": 90,
  "ImageOrientationPatientDICOM": [1, -0.00019459, -0.000552623, 4.27228e-09, 0.943235, -0.332125],
  "ImageType": [
    "ORIGINAL",
    "PRIMARY",
    "M",
    "ND",
    "MOSAIC"
],
  "ImagingFrequency": 123.258,
  "InPlanePhaseEncodingDirectionDICOM": "COL",
  "InstitutionAddress": "Street_StreetNo_Bei_Jing_District_CN_ZIP",
  "InstitutionName": "BeiJing_Normal_University",
  "InstitutionalDepartmentName": "Department",
  "MRAcquisitionType": "2D",
  "MagneticFieldStrength": 3,
  "Manufacturer": "Siemens",
  "ManufacturersModelName": "Prisma",
  "Modality": "MR",
  "MultibandAccelerationFactor": 3,
  "PartialFourier": 1,
  "PatientPosition": "HFS",
  "PercentPhaseFOV": 100,
  "PercentSampling": 100,
  "PhaseEncodingDirection": "j-",
  "PhaseEncodingSteps": 100,
  "PhaseResolution": 1,
  "PixelBandwidth": 2380,
  "ProcedureStepDescription": "BNU_P2018_64CH_Zhu.Bi",
  "ProtocolName": "bold_100x100_s3_2x2x2_2_run4",
  "PulseSequenceDetails": "%SiemensSeq%_ep2d_bold",
  "ReceiveCoilActiveElements": "HC1-7;NC1",
  "ReceiveCoilName": "HeadNeck_64",
  "ReconMatrixPE": 100,
  "RefLinesPE": 32,
  "RepetitionTime": 2,
  "SAR": 0.0732798,
  "ScanOptions": "FS",
  "ScanningSequence": "EP",
  "SequenceName": "_epfid2d1_100",
  "SequenceVariant": "SK",
  "SeriesDescription": "bold_100x100_s3_2x2x2_2_run4",
  "SeriesNumber": 8,
  "ShimSetting": [-5448, -11461, -1258, 323, 19, -208, -245, 46],
  "SliceThickness": 2,
  "SliceTiming": [1.4825, 0, 0.9875, 0.0825, 1.07, 0.1625, 1.1525, 0.245, 1.235, 0.3275, 1.3175, 0.41, 1.4, 0.575, 1.565, 0.6575, 1.6475, 0.74, 1.73, 0.8225, 1.8125, 0.905, 1.895, 0.4925, 1.4825, 0, 0.9875, 0.0825, 1.07, 0.1625, 1.1525, 0.245, 1.235, 0.3275, 1.3175, 0.41, 1.4, 0.575, 1.565, 0.6575, 1.6475, 0.74, 1.73, 0.8225, 1.8125, 0.905, 1.895, 0.4925, 1.4825, 0, 0.9875, 0.0825, 1.07, 0.1625, 1.1525, 0.245, 1.235, 0.3275, 1.3175, 0.41, 1.4, 0.575, 1.565, 0.6575, 1.6475, 0.74, 1.73, 0.8225, 1.8125, 0.905, 1.895, 0.4925],
  "SoftwareVersions": "syngo_MR_E11",
  "SpacingBetweenSlices": 2,
  "StationName": "AWP166078",
  "TaskName": "postEvent",
  "TotalReadoutTime": 0.0534586,
  "TxRefAmp": 210.07}