{
  "AcquisitionMatrixPE": 416,
  "AcquisitionNumber": 1,
  "AcquisitionTime": "11:13:32.675000",
  "BaseResolution": 512,
  "BodyPartExamined": "BRAIN",
  "CoilString": "HC1-7;NC1_2",
  "ConsistencyInfo": "N4_VE11C_LATEST_20160120",
  "ConversionSoftware": "dcm2niix",
  "ConversionSoftwareVersion": "v1.0.20200331",
  "DeviceSerialNumber": "166078",
  "DwellTime": 4.5e-06,
  "EchoTime": 0.082,
  "EchoTrainLength": 18,
  "FlipAngle": 150,
  "ImageOrientationPatientDICOM": [1, 0, 0, 0, 0.350207, -0.936672],
  "ImageType": [
    "ORIGINAL",
    "PRIMARY",
    "M",
    "NORM",
    "DIS2D"
],
  "ImagingFrequency": 123.258,
  "InPlanePhaseEncodingDirectionDICOM": "ROW",
  "InstitutionAddress": "Street_StreetNo_Bei_Jing_District_CN_ZIP",
  "InstitutionName": "BeiJing_Normal_University",
  "InstitutionalDepartmentName": "Department",
  "Interpolation2D": 1,
  "MRAcquisitionType": "2D",
  "MagneticFieldStrength": 3,
  "Manufacturer": "Siemens",
  "ManufacturersModelName": "Prisma",
  "Modality": "MR",
  "NumberOfAverages": 2,
  "PartialFourier": 1,
  "PatientPosition": "HFS",
  "PercentPhaseFOV": 81.25,
  "PercentSampling": 100,
  "PhaseEncodingDirection": "i",
  "PhaseEncodingSteps": 432,
  "PhaseResolution": 1,
  "PixelBandwidth": 215,
  "ProcedureStepDescription": "BNU_P2018_64CH_Zhu.Bi",
  "ProtocolName": "T2_coronal",
  "PulseSequenceDetails": "%SiemensSeq%_tse",
  "ReceiveCoilActiveElements": "HC1-7;NC1,2",
  "ReceiveCoilName": "HeadNeck_64",
  "ReconMatrixPE": 832,
  "RepetitionTime": 13.15,
  "SAR": 0.353892,
  "ScanningSequence": "SE",
  "SequenceName": "_tse2d1_18",
  "SequenceVariant": "SK_SP_OSP",
  "SeriesDescription": "T2_coronal",
  "SeriesNumber": 10,
  "ShimSetting": [-5461, -11495, -1479, 39, -1, -29, -61, 38],
  "SliceThickness": 1.5,
  "SliceTiming": [6.57031, 0, 6.79688, 0.21875, 7.00781, 0.4375, 7.23438, 0.65625, 7.45312, 0.875, 7.67188, 1.09375, 7.89062, 1.3125, 8.10938, 1.53125, 8.32812, 1.75, 8.54688, 1.96875, 8.76562, 2.1875, 8.98438, 2.41406, 9.20312, 2.625, 9.42188, 2.85156, 9.64062, 3.07031, 9.85938, 3.28906, 10.0781, 3.50781, 10.2969, 3.72656, 10.5156, 3.94531, 10.7422, 4.16406, 10.9531, 4.38281, 11.1797, 4.60156, 11.3984, 4.82031, 11.6172, 5.03906, 11.8359, 5.25781, 12.0547, 5.47656, 12.2734, 5.69531, 12.4922, 5.91406, 12.7109, 6.13281, 12.9297, 6.35156],
  "SoftwareVersions": "syngo_MR_E11",
  "SpacingBetweenSlices": 1.5,
  "StationName": "AWP166078",
  "TxRefAmp": 216.157}