{
  "AcquisitionMatrixPE": 100,
  "AcquisitionNumber": 1,
  "AcquisitionTime": "09:40:14.015000",
  "BaseResolution": 100,
  "BodyPartExamined": "BRAIN",
  "ConsistencyInfo": "N4_VE11C_LATEST_20160120",
  "ConversionSoftware": "dcm2niix",
  "ConversionSoftwareVersion": "v1.0.20200331",
  "DeviceSerialNumber": "166078",
  "DwellTime": 1.11e-05,
  "EchoNumber": 2,
  "EchoTime1": 0.0052,
  "EchoTime2": 0.00766,
  "FlipAngle": 60,
  "ImageOrientationPatientDICOM": [
    1,
    4.8e-12,
    -9.68e-13,
    -4.897e-12,
    0.980271,
    -0.197657
  ],
  "ImageType": [
    "ORIGINAL",
    "PRIMARY",
    "P",
    "ND",
    "PHASE"
  ],
  "ImagingFrequency": 123.258,
  "InPlanePhaseEncodingDirectionDICOM": "ROW",
  "InstitutionAddress": "Street_StreetNo_Bei_Jing_District_CN_ZIP",
  "InstitutionName": "BeiJing_Normal_University",
  "InstitutionalDepartmentName": "Department",
  "IntendedFor": [
    "ses-day1AM/func/sub-2027_ses-day1AM_task-originalEvent_run-1_bold.nii.gz",
    "ses-day1AM/func/sub-2027_ses-day1AM_task-originalEvent_run-2_bold.nii.gz",
    "ses-day1AM/func/sub-2027_ses-day1AM_task-originalEvent_run-3_bold.nii.gz",
    "ses-day1AM/func/sub-2027_ses-day1AM_task-originalEvent_run-4_bold.nii.gz"
  ],
  "MRAcquisitionType": "2D",
  "MagneticFieldStrength": 3,
  "Manufacturer": "Siemens",
  "ManufacturersModelName": "Prisma",
  "Modality": "MR",
  "PartialFourier": 1,
  "PatientPosition": "HFS",
  "PercentPhaseFOV": 100,
  "PercentSampling": 100,
  "PhaseEncodingDirection": "i",
  "PhaseEncodingSteps": 100,
  "PhaseResolution": 1,
  "PixelBandwidth": 450,
  "ProcedureStepDescription": "BNU_P2018_64CH_Zhu.Bi",
  "ProtocolName": "field_mapping_2x2x2",
  "PulseSequenceDetails": "%SiemensSeq%_gre_field_mapping",
  "ReceiveCoilActiveElements": "HC1-7;NC1",
  "ReceiveCoilName": "HeadNeck_64",
  "ReconMatrixPE": 100,
  "RepetitionTime": 0.75,
  "SAR": 0.124686,
  "ScanningSequence": "GR",
  "SequenceName": "_fm2d2r",
  "SequenceVariant": "SP",
  "SeriesDescription": "field_mapping_2x2x2",
  "SeriesNumber": 4,
  "ShimSetting": [
    -5478,
    -11487,
    -1277,
    500,
    -57,
    -252,
    -176,
    39
  ],
  "SliceThickness": 2,
  "SliceTiming": [
    0.375,
    0,
    0.39062,
    0.01562,
    0.39844,
    0.02344,
    0.40625,
    0.03125,
    0.41406,
    0.03906,
    0.42969,
    0.05469,
    0.4375,
    0.0625,
    0.45312,
    0.07812,
    0.46094,
    0.08594,
    0.46875,
    0.09375,
    0.47656,
    0.10156,
    0.49219,
    0.11719,
    0.5,
    0.125,
    0.51562,
    0.14062,
    0.52344,
    0.14844,
    0.53125,
    0.15625,
    0.53906,
    0.16406,
    0.55469,
    0.17969,
    0.5625,
    0.1875,
    0.57812,
    0.20312,
    0.58594,
    0.21094,
    0.59375,
    0.21875,
    0.60156,
    0.22656,
    0.61719,
    0.24219,
    0.625,
    0.25,
    0.64062,
    0.26562,
    0.64844,
    0.27344,
    0.65625,
    0.28125,
    0.66406,
    0.28906,
    0.67969,
    0.30469,
    0.6875,
    0.3125,
    0.70312,
    0.32812,
    0.71094,
    0.33594,
    0.71875,
    0.34375,
    0.72656,
    0.35156,
    0.74219,
    0.36719
  ],
  "SoftwareVersions": "syngo_MR_E11",
  "SpacingBetweenSlices": 2,
  "StationName": "AWP166078",
  "TxRefAmp": 220.02
}