{
  "AcquisitionMatrixPE": 416,
  "AcquisitionNumber": 1,
  "AcquisitionTime": "09:45:45.195000",
  "BaseResolution": 512,
  "BodyPartExamined": "BRAIN",
  "ConsistencyInfo": "N4_VE11C_LATEST_20160120",
  "ConversionSoftware": "dcm2niix",
  "ConversionSoftwareVersion": "v1.0.20200331",
  "DeviceSerialNumber": "166078",
  "DwellTime": 4.5e-06,
  "EchoTime": 0.082,
  "EchoTrainLength": 18,
  "FlipAngle": 150,
  "ImageOrientationPatientDICOM": [1, 0, 0, 0, 0.262189, -0.965016],
  "ImageType": [
    "ORIGINAL",
    "PRIMARY",
    "M",
    "NORM",
    "DIS2D"
],
  "ImagingFrequency": 123.258,
  "InPlanePhaseEncodingDirectionDICOM": "ROW",
  "InstitutionAddress": "Street_StreetNo_Bei_Jing_District_CN_ZIP",
  "InstitutionName": "BeiJing_Normal_University",
  "InstitutionalDepartmentName": "Department",
  "Interpolation2D": 1,
  "MRAcquisitionType": "2D",
  "MagneticFieldStrength": 3,
  "Manufacturer": "Siemens",
  "ManufacturersModelName": "Prisma",
  "Modality": "MR",
  "NumberOfAverages": 2,
  "PartialFourier": 1,
  "PatientPosition": "HFS",
  "PercentPhaseFOV": 81.25,
  "PercentSampling": 100,
  "PhaseEncodingDirection": "i",
  "PhaseEncodingSteps": 432,
  "PhaseResolution": 1,
  "PixelBandwidth": 215,
  "ProcedureStepDescription": "BNU_P2018_64CH_Zhu.Bi",
  "ProtocolName": "T2_coronal",
  "PulseSequenceDetails": "%SiemensSeq%_tse",
  "ReceiveCoilActiveElements": "HC1-7;NC1",
  "ReceiveCoilName": "HeadNeck_64",
  "ReconMatrixPE": 832,
  "RepetitionTime": 13.15,
  "SAR": 0.377677,
  "ScanningSequence": "SE",
  "SequenceName": "_tse2d1_18",
  "SequenceVariant": "SK_SP_OSP",
  "SeriesDescription": "T2_coronal",
  "SeriesNumber": 10,
  "ShimSetting": [-5461, -11495, -1479, 39, -1, -29, -61, 38],
  "SliceThickness": 1.5,
  "SliceTiming": [6.57812, 0, 6.79688, 0.22656, 7.01562, 0.44531, 7.23438, 0.66406, 7.45312, 0.88281, 7.67188, 1.10156, 7.89062, 1.32031, 8.10938, 1.53906, 8.33594, 1.75781, 8.54688, 1.97656, 8.77344, 2.19531, 8.99219, 2.41406, 9.21094, 2.63281, 9.42969, 2.85156, 9.64844, 3.07031, 9.86719, 3.28906, 10.0859, 3.50781, 10.3047, 3.72656, 10.5234, 3.94531, 10.7422, 4.16406, 10.9609, 4.39062, 11.1797, 4.60156, 11.3984, 4.82812, 11.6172, 5.04688, 11.8359, 5.26562, 12.0547, 5.48438, 12.2734, 5.70312, 12.4922, 5.92188, 12.7188, 6.14062, 12.9297, 6.35938],
  "SoftwareVersions": "syngo_MR_E11",
  "SpacingBetweenSlices": 1.5,
  "StationName": "AWP166078",
  "TxRefAmp": 248.157}